NUGET
  remote: https://nuget.org/api/v2
  specs:
    FAKE (3.9.0)
    FSharp.Compiler.Service (0.0.67)
    FSharp.Configuration (0.4.4)
    FSharp.Formatting (2.4.36)
      FSharp.Compiler.Service (0.0.67)
      Microsoft.AspNet.Razor (2.0.30506.0)
      RazorEngine (3.3.0)
    FsUnit.xUnit (1.3.0.1)
      xunit (>= 1.9.1 <  3.0) - net20
      xunit (>= 1.9.1 <  3.0) - net40
      xunit (>= 1.9.1 <  3.0) - net45
    Microsoft.AspNet.Razor (2.0.30506.0)
    NuGet.CommandLine (2.8.3)
    RazorEngine (3.3.0)
      Microsoft.AspNet.Razor (>= 2.0.30506.0)
    xunit (1.9.2)
    xunit.runners (1.9.2)